GEM
  remote: https://rubygems.org/
  specs:
    cfndsl (0.8.9)

PLATFORMS
  ruby

DEPENDENCIES
  cfndsl (~> 0.8.9)

BUNDLED WITH
   1.10.6
